GEM
  remote: https://rubygems.org/
  specs:
    oj (3.3.2)

PLATFORMS
  ruby

DEPENDENCIES
  oj

BUNDLED WITH
   1.14.4
